GIT
  remote: git://github.com/clearsightstudio/ProMotion.git
  revision: 0b6a158fb0301c9fcdd3ef0cc297453aa3647130
  branch: version-1.0
  specs:
    ProMotion (0.7.6)

GEM
  remote: https://rubygems.org/
  specs:
    bubble-wrap (1.3.0)
    rake (10.1.0)
    sugarcube (0.20.25)

PLATFORMS
  ruby

DEPENDENCIES
  ProMotion!
  bubble-wrap
  rake
  sugarcube
